PATH
  remote: ../simplemvc
  specs:
    simplemvc (0.0.1)
      erubis
      pry
      rack
      sqlite3

GEM
  remote: http://rubygems.org/
  specs:
    coderay (1.1.0)
    erubis (2.7.0)
    method_source (0.8.2)
    pry (0.10.3)
      coderay (~> 1.1.0)
      method_source (~> 0.8.1)
      slop (~> 3.4)
    rack (1.6.4)
    slop (3.6.0)
    sqlite3 (1.3.11)

PLATFORMS
  ruby

DEPENDENCIES
  simplemvc!
  sqlite3
